GEM
  remote: https://rubygems.org/
  specs:
    coderay (1.1.0)
    daemons (1.2.1)
    erubis (2.7.0)
    eventmachine (1.0.7)
    excon (0.58.0)
    foreman (0.78.0)
      thor (~> 0.19.1)
    heroics (0.0.23)
      erubis (~> 2.0)
      excon
      multi_json (>= 1.9.2)
    method_source (0.8.2)
    moneta (0.8.1)
    multi_json (1.12.1)
    platform-api (2.1.0)
      heroics (~> 0.0.23)
      moneta (~> 0.8.1)
    pry (0.10.1)
      coderay (~> 1.1.0)
      method_source (~> 0.8.1)
      slop (~> 3.4)
    rack (1.6.0)
    rack-protection (1.5.3)
      rack
    redis (3.2.1)
    sinatra (1.4.5)
      rack (~> 1.4)
      rack-protection (~> 1.4)
      tilt (~> 1.3, >= 1.3.4)
    slop (3.6.0)
    thin (1.6.3)
      daemons (~> 1.0, >= 1.0.9)
      eventmachine (~> 1.0)
      rack (~> 1.0)
    thor (0.19.1)
    tilt (1.4.1)

PLATFORMS
  ruby

DEPENDENCIES
  foreman
  platform-api
  pry
  redis
  sinatra
  thin

RUBY VERSION
   ruby 2.4.1p111

BUNDLED WITH
   1.15.3
