GEM
  remote: https://rubygems.org/
  specs:
    coderay (1.1.0)
    excon (0.44.4)
    foreman (0.78.0)
      thor (~> 0.19.1)
    heroku-api (0.3.22)
      excon (~> 0.38)
      multi_json (~> 1.8)
    method_source (0.8.2)
    multi_json (1.11.0)
    pry (0.10.1)
      coderay (~> 1.1.0)
      method_source (~> 0.8.1)
      slop (~> 3.4)
    rack (1.6.0)
    rack-protection (1.5.3)
      rack
    redis (3.2.1)
    sinatra (1.4.5)
      rack (~> 1.4)
      rack-protection (~> 1.4)
      tilt (~> 1.3, >= 1.3.4)
    slop (3.6.0)
    thor (0.19.1)
    tilt (1.4.1)

PLATFORMS
  ruby

DEPENDENCIES
  foreman
  heroku-api
  pry
  redis
  sinatra
