GEM
  remote: https://rubygems.org/
  specs:
    coderay (1.1.3)
    connection_pool (2.4.1)
    daemons (1.4.1)
    erubis (2.7.0)
    eventmachine (1.2.7)
    excon (0.100.0)
    foreman (0.87.2)
    heroics (0.1.2)
      erubis (~> 2.0)
      excon
      moneta
      multi_json (>= 1.9.2)
      webrick
    method_source (1.0.0)
    moneta (1.0.0)
    multi_json (1.15.0)
    mustermann (3.0.0)
      ruby2_keywords (~> 0.0.1)
    platform-api (3.5.0)
      heroics (~> 0.1.1)
      moneta (~> 1.0.0)
      rate_throttle_client (~> 0.1.0)
    power_assert (2.0.3)
    pry (0.14.2)
      coderay (~> 1.1)
      method_source (~> 1.0)
    rack (2.2.7)
    rack-protection (3.0.6)
      rack
    rack-test (2.1.0)
      rack (>= 1.3)
    rake (13.0.6)
    rate_throttle_client (0.1.2)
    redis (5.0.6)
      redis-client (>= 0.9.0)
    redis-client (0.14.1)
      connection_pool
    rr (3.1.0)
    ruby2_keywords (0.0.5)
    sinatra (3.0.6)
      mustermann (~> 3.0)
      rack (~> 2.2, >= 2.2.4)
      rack-protection (= 3.0.6)
      tilt (~> 2.0)
    test-unit (3.6.1)
      power_assert
    test-unit-rr (1.0.5)
      rr (>= 1.1.1)
      test-unit (>= 2.5.2)
    thin (1.8.2)
      daemons (~> 1.0, >= 1.0.9)
      eventmachine (~> 1.0, >= 1.0.4)
      rack (>= 1, < 3)
    tilt (2.2.0)
    webrick (1.8.1)

PLATFORMS
  x86_64-darwin-20

DEPENDENCIES
  foreman
  platform-api
  pry
  rack-test
  rake
  redis
  sinatra
  test-unit
  test-unit-rr
  thin

RUBY VERSION
   ruby 3.1.2p20

BUNDLED WITH
   2.3.7
